GEM
  remote: https://rubygems.org/
  specs:
    metaclass (0.0.2)
    minitest (5.5.1)
    mocha (0.14.0)
      metaclass (~> 0.0.1)
    multi_json (1.3.6)
    pagy (3.8.3)
    rack (1.4.1)
    rack-protection (1.2.0)
      rack
    redis (3.0.2)
    redis-namespace (1.2.1)
      redis (~> 3.0.0)
    resque (1.23.0)
      multi_json (~> 1.0)
      redis-namespace (~> 1.0)
      sinatra (>= 0.9.2)
      vegas (~> 0.1.2)
    sinatra (1.3.3)
      rack (~> 1.3, >= 1.3.6)
      rack-protection (~> 1.2)
      tilt (~> 1.3, >= 1.3.3)
    tilt (1.3.3)
    vegas (0.1.11)
      rack (>= 1.0.0)

PLATFORMS
  ruby

DEPENDENCIES
  minitest (~> 5.5)
  mocha (~> 0.9)
  pagy
  resque (~> 1.19)

BUNDLED WITH
   2.1.4
